GEM
  remote: http://rubygems.org/
  specs:
    pg (0.13.2)

PLATFORMS
  ruby

DEPENDENCIES
  pg
