GEM
  remote: http://rubygems.org/
  specs:
    metaid (1.0)

PLATFORMS
  ruby

DEPENDENCIES
  metaid
